PATH
  remote: .
  specs:
    gprs (0.0.1)
      bindata

GEM
  remote: https://rubygems.org/
  specs:
    awesome_print (1.7.0)
    bindata (2.3.3)
    minitest (5.8.3)
    rake (10.4.2)

PLATFORMS
  ruby

DEPENDENCIES
  awesome_print
  bundler (~> 1.13)
  gprs!
  minitest (~> 5.0)
  rake (~> 10.0)

BUNDLED WITH
   1.13.2
